GEM
  remote: https://rubygems.org/
  specs:
    base64 (0.2.0)
    csv (3.3.2)
    date (3.4.1)
    debug (1.10.0)
      irb (~> 1.10)
      reline (>= 0.3.8)
    fastimage (2.4.0)
    io-console (0.8.0)
    irb (1.15.1)
      pp (>= 0.6.0)
      rdoc (>= 4.0.0)
      reline (>= 0.4.2)
    minisky (0.5.0)
      base64 (~> 0.1)
    pp (0.6.2)
      prettyprint
    prettyprint (0.2.0)
    psych (5.2.3)
      date
      stringio
    rdoc (6.11.0)
      psych (>= 4.0.0)
    reline (0.6.0)
      io-console (~> 0.5)
    stringio (3.1.2)
    video_dimensions (0.3.1)

PLATFORMS
  arm64-darwin-24
  ruby

DEPENDENCIES
  csv (~> 3.3)
  debug (~> 1.1)
  fastimage (~> 2.4)
  minisky (~> 0.5)
  video_dimensions (~> 0.3)

BUNDLED WITH
   2.5.16
